GEM
  remote: https://rubygems.org/
  specs:
    minitest (5.11.3)
    mysql2 (0.4.10)
    pg (1.0.0)
    sequel (5.5.0)
    sqlite3 (1.3.13)

PLATFORMS
  ruby

DEPENDENCIES
  minitest (>= 5.11.3)
  mysql2
  pg
  sequel (~> 5.0)
  sqlite3

BUNDLED WITH
   1.16.0
